NDims = 3
DimSize = 41 41 41
ElementType = MET_UCHAR
ElementSpacing = 1.0 1.0 1.0
ElementByteOrderMSB = False
ElementDataFile = disk.raw
