NDims = 3
DimSize = 140 120 161
ElementType = MET_UCHAR
ElementSpacing = 1.0 1.0 1.0
ElementByteOrderMSB = False
ElementDataFile = Tooth_A.raw
